GIT
  remote: https://github.com/pooza/ginseng-core.git
  revision: fd1927d7be07e24ad975ead04f73564395e7a19a
  specs:
    ginseng-core (1.13.26)
      actionpack (>= 7.0.5.1)
      activesupport (>= 7.0.7.1)
      addressable (>= 2.8.0)
      bundler (~> 2.0)
      cgi (>= 0.3.5)
      daemon-spawn
      date (>= 3.2.1)
      erb
      etc
      facets
      fileutils (~> 1.7.0)
      find
      httparty (>= 0.21.0)
      json-schema
      loofah (>= 2.19.1)
      mail
      multi_json
      net-protocol
      net-smtp
      nokogiri (>= 1.15.4)
      optparse
      rack (>= 2.2.6.2)
      rails-html-sanitizer (>= 1.4.4)
      rake
      rest-client
      sanitize (>= 6.0.2)
      securerandom
      set
      time (>= 0.2.2)
      yajl-ruby (>= 1.4.3)
      zeitwerk (>= 2.4.0)
      zlib

GIT
  remote: https://github.com/pooza/ginseng-fediverse.git
  revision: 9826291080c1674e418936506db17a255f75b971
  specs:
    ginseng-fediverse (1.8.13)

GEM
  remote: https://rubygems.org/
  specs:
    actionpack (7.1.2)
      actionview (= 7.1.2)
      activesupport (= 7.1.2)
      nokogiri (>= 1.8.5)
      racc
      rack (>= 2.2.4)
      rack-session (>= 1.0.1)
      rack-test (>= 0.6.3)
      rails-dom-testing (~> 2.2)
      rails-html-sanitizer (~> 1.6)
    actionview (7.1.2)
      activesupport (= 7.1.2)
      builder (~> 3.1)
      erubi (~> 1.11)
      rails-dom-testing (~> 2.2)
      rails-html-sanitizer (~> 1.6)
    activesupport (7.1.2)
      base64
      bigdecimal
      concurrent-ruby (~> 1.0, >= 1.0.2)
      connection_pool (>= 2.2.5)
      drb
      i18n (>= 1.6, < 2)
      minitest (>= 5.1)
      mutex_m
      tzinfo (~> 2.0)
    addressable (2.8.6)
      public_suffix (>= 2.0.2, < 6.0)
    ast (2.4.2)
    base64 (0.2.0)
    bigdecimal (3.1.5)
    builder (3.2.4)
    cgi (0.4.1)
    concurrent-ruby (1.2.2)
    connection_pool (2.4.1)
    crass (1.0.6)
    daemon-spawn (0.4.2)
    date (3.3.4)
    domain_name (0.6.20231109)
    drb (2.2.0)
      ruby2_keywords
    erb (4.0.3)
      cgi (>= 0.3.3)
    erubi (1.12.0)
    et-orbi (1.2.7)
      tzinfo
    etc (1.4.3)
    facets (3.1.0)
    feedjira (3.2.2)
      loofah (>= 2.3.1)
      sax-machine (>= 1.0)
    fileutils (1.7.2)
    find (0.2.0)
    fugit (1.9.0)
      et-orbi (~> 1, >= 1.2.7)
      raabro (~> 1.4)
    http-accept (1.7.0)
    http-cookie (1.0.5)
      domain_name (~> 0.5)
    httparty (0.21.0)
      mini_mime (>= 1.0.0)
      multi_xml (>= 0.5.2)
    i18n (1.14.1)
      concurrent-ruby (~> 1.0)
    json (2.7.1)
    json-schema (4.1.1)
      addressable (>= 2.8)
    language_server-protocol (3.17.0.3)
    loofah (2.22.0)
      crass (~> 1.0.2)
      nokogiri (>= 1.12.0)
    mail (2.8.1)
      mini_mime (>= 0.1.1)
      net-imap
      net-pop
      net-smtp
    mime-types (3.5.1)
      mime-types-data (~> 3.2015)
    mime-types-data (3.2023.1205)
    mini_mime (1.1.5)
    mini_portile2 (2.8.5)
    minitest (5.20.0)
    multi_json (1.15.0)
    multi_xml (0.6.0)
    mutex_m (0.2.0)
    net-imap (0.4.8)
      date
      net-protocol
    net-pop (0.1.2)
      net-protocol
    net-protocol (0.2.2)
      timeout
    net-smtp (0.4.0)
      net-protocol
    netrc (0.11.0)
    nokogiri (1.15.5)
      mini_portile2 (~> 2.8.2)
      racc (~> 1.4)
    nokogiri (1.15.5-aarch64-linux)
      racc (~> 1.4)
    nokogiri (1.15.5-x86_64-linux)
      racc (~> 1.4)
    optparse (0.4.0)
    parallel (1.24.0)
    parser (3.2.2.4)
      ast (~> 2.4.1)
      racc
    power_assert (2.0.3)
    public_suffix (5.0.4)
    raabro (1.4.0)
    racc (1.7.3)
    rack (3.0.8)
    rack-session (2.0.0)
      rack (>= 3.0.0)
    rack-test (2.1.0)
      rack (>= 1.3)
    rails-dom-testing (2.2.0)
      activesupport (>= 5.0.0)
      minitest
      nokogiri (>= 1.6)
    rails-html-sanitizer (1.6.0)
      loofah (~> 2.21)
      nokogiri (~> 1.14)
    rainbow (3.1.1)
    rake (13.1.0)
    regexp_parser (2.8.3)
    rest-client (2.1.0)
      http-accept (>= 1.7.0, < 2.0)
      http-cookie (>= 1.0.2, < 2.0)
      mime-types (>= 1.16, < 4.0)
      netrc (~> 0.8)
    rexml (3.2.6)
    ricecream (0.2.1)
    rubocop (1.59.0)
      json (~> 2.3)
      language_server-protocol (>= 3.17.0)
      parallel (~> 1.10)
      parser (>= 3.2.2.4)
      rainbow (>= 2.2.2, < 4.0)
      regexp_parser (>= 1.8, < 3.0)
      rexml (>= 3.2.5, < 4.0)
      rubocop-ast (>= 1.30.0, < 2.0)
      ruby-progressbar (~> 1.7)
      unicode-display_width (>= 2.4.0, < 3.0)
    rubocop-ast (1.30.0)
      parser (>= 3.2.1.0)
    rubocop-minitest (0.34.3)
      rubocop (>= 1.39, < 2.0)
      rubocop-ast (>= 1.30.0, < 2.0)
    rubocop-performance (1.20.0)
      rubocop (>= 1.48.1, < 2.0)
      rubocop-ast (>= 1.30.0, < 2.0)
    rubocop-rake (0.6.0)
      rubocop (~> 1.0)
    rubocop-sequel (0.3.4)
      rubocop (~> 1.0)
    ruby-progressbar (1.13.0)
    ruby2_keywords (0.0.5)
    rufus-scheduler (3.9.1)
      fugit (~> 1.1, >= 1.1.6)
    sanitize (6.1.0)
      crass (~> 1.0.2)
      nokogiri (>= 1.12.0)
    sax-machine (1.3.2)
    securerandom (0.3.1)
    sequel (5.75.0)
      bigdecimal
    set (1.0.4)
    sqlite3 (1.6.9)
      mini_portile2 (~> 2.8.0)
    sqlite3 (1.6.9-aarch64-linux)
    sqlite3 (1.6.9-x86_64-linux)
    test-unit (3.6.1)
      power_assert
    time (0.3.0)
      date
    timeout (0.4.1)
    tzinfo (2.0.6)
      concurrent-ruby (~> 1.0)
    unicode-display_width (2.5.0)
    yajl-ruby (1.4.3)
    zeitwerk (2.6.12)
    zlib (3.1.0)

PLATFORMS
  aarch64-linux
  x86_64-freebsd-13
  x86_64-linux

DEPENDENCIES
  feedjira (~> 3.0)
  ginseng-core!
  ginseng-fediverse!
  optparse
  ricecream
  rubocop
  rubocop-minitest
  rubocop-performance
  rubocop-rake
  rubocop-sequel
  rufus-scheduler
  sequel
  sqlite3
  test-unit

RUBY VERSION
   ruby 3.2.2p53

BUNDLED WITH
   2.5.1
